PATH
  remote: .
  specs:
    gd (0.0.3)

GEM
  remote: https://rubygems.org/
  specs:
    byebug (3.5.1)
      columnize (~> 0.8)
      debugger-linecache (~> 1.2)
      slop (~> 3.6)
    columnize (0.8.9)
    debugger-linecache (1.2.0)
    docile (1.1.5)
    minitest (5.4.3)
    multi_json (1.10.1)
    rake (10.4.0)
    simplecov (0.9.1)
      docile (~> 1.1.0)
      multi_json (~> 1.0)
      simplecov-html (~> 0.8.0)
    simplecov-html (0.8.0)
    slop (3.6.0)

PLATFORMS
  ruby

DEPENDENCIES
  bundler (~> 1.7)
  byebug
  gd!
  minitest (>= 5.0)
  rake (~> 10.0)
  simplecov
